GEM
  remote: https://rubygems.org/
  specs:
    magick_title (0.2.0)
    rack (1.5.2)
    sinatra (1.1.0)
      rack (~> 1.1)
      tilt (~> 1.1)
    tilt (1.4.1)

PLATFORMS
  ruby

DEPENDENCIES
  magick_title (>= 0.2.0)
  sinatra (= 1.1.0)
